GEM
  remote: https://rubygems.org/
  specs:
    ast (2.3.0)
    aws_cf_signer (0.1.3)
    cloudinary (1.8.2)
      aws_cf_signer
      rest-client
    coderay (1.1.2)
    domain_name (0.5.20170404)
      unf (>= 0.0.5, < 1.0.0)
    http-cookie (1.0.3)
      domain_name (~> 0.5)
    looksee (4.0.0)
    method_source (0.9.0)
    mime-types (3.1)
      mime-types-data (~> 3.2015)
    mime-types-data (3.2016.0521)
    msgpack (1.1.0)
    multi_json (1.12.2)
    neovim (0.6.1)
      msgpack (~> 1.0)
      multi_json (~> 1.0)
    netrc (0.11.0)
    oj (3.3.9)
    parallel (1.12.0)
    parser (2.4.0.2)
      ast (~> 2.3)
    powerpack (0.1.1)
    pry (0.11.3)
      coderay (~> 1.1.0)
      method_source (~> 0.9.0)
    rainbow (2.2.2)
      rake
    rake (12.3.0)
    rest-client (2.0.2)
      http-cookie (>= 1.0.2, < 2.0)
      mime-types (>= 1.16, < 4.0)
      netrc (~> 0.8)
    rubocop (0.51.0)
      parallel (~> 1.10)
      parser (>= 2.3.3.1, < 3.0)
      powerpack (~> 0.1)
      rainbow (>= 2.2.2, < 3.0)
      ruby-progressbar (~> 1.7)
      unicode-display_width (~> 1.0, >= 1.0.1)
    ruby-progressbar (1.9.0)
    unf (0.1.4)
      unf_ext
    unf_ext (0.0.7.4)
    unicode-display_width (1.3.0)

PLATFORMS
  ruby

DEPENDENCIES
  cloudinary (= 1.8.2)
  looksee (= 4.0.0)
  neovim (= 0.6.1)
  oj (= 3.3.9)
  pry (= 0.11.3)
  rubocop (= 0.51.0)

BUNDLED WITH
   1.16.0
